GEM
  remote: http://rubygems.org/
  remote: file:/opt/ooyala/sas/current/vendor/
  remote: http://gems.sv2/
  remote: http://gems.us-east-1.ooyala.com:8080/
  specs:
    clockwork (0.3.4)
    colorize (0.5.8)
    daemons (1.1.5)
    eventmachine (0.12.10)
    foreman (0.36.1)
      term-ansicolor (~> 1.0.7)
      thor (>= 0.13.6)
    gamut (0.0.12)
      colorize
      nokogiri
      pathological (~> 0.2.4)
      trollop
    junit_xml_builder (1.1.0)
      nokogiri (~> 1.4.4)
    metaclass (0.0.1)
    minitest (2.10.1)
    mocha (0.10.3)
      metaclass (~> 0.0.1)
    multi_json (1.0.3)
    mysql (2.8.1)
    nokogiri (1.4.7)
    open4 (1.3.0)
    pathological (0.2.4)
    rack (1.4.1)
    rack-protection (1.2.0)
      rack
    rack-test (0.6.1)
      rack (>= 1.0)
    rake (0.9.2.2)
    redis (2.2.2)
    redis-namespace (1.0.3)
      redis (< 3.0.0)
    rerun (0.6.2)
    resque (1.19.0)
      multi_json (~> 1.0)
      redis-namespace (~> 1.0.2)
      sinatra (>= 0.9.2)
      vegas (~> 0.1.2)
    scope (0.2.3)
      minitest
    sequel (3.28.0)
    sinatra (1.3.2)
      rack (~> 1.3, >= 1.3.6)
      rack-protection (~> 1.2)
      tilt (~> 1.3, >= 1.3.3)
    state_machine (1.1.2)
    term-ansicolor (1.0.7)
    thin (1.3.1)
      daemons (>= 1.0.9)
      eventmachine (>= 0.12.6)
      rack (>= 1.0.0)
    thor (0.14.6)
    tilt (1.3.3)
    trollop (1.16.2)
    vegas (0.1.8)
      rack (>= 1.0.0)
    wirble (0.1.3)

PLATFORMS
  ruby

DEPENDENCIES
  clockwork
  foreman
  gamut
  junit_xml_builder
  mocha
  mysql
  nokogiri
  open4
  pathological
  rack-test
  rake
  rerun
  resque
  scope
  sequel
  sinatra
  state_machine
  thin
  wirble
