GEM
  remote: http://rubygems.org/
  remote: http://gems.us-east-1.ooyala.com:8080/
  specs:
    archive-tar-minitar (0.5.2)
    backports (2.3.0)
    bourbon (1.2.0)
      sass (>= 3.1)
    clockwork (0.3.4)
    colorize (0.5.8)
    daemons (1.1.6)
    erubis (2.7.0)
    eventmachine (0.12.10)
    fezzik (0.6.2)
      colorize (>= 0.5.8)
      rake (~> 0.8.7)
      rake-remote_task (~> 2.0.2)
    ffi (0.6.3)
      rake (>= 0.8.7)
    foreman (0.36.1)
      term-ansicolor (~> 1.0.7)
      thor (>= 0.13.6)
    gamut (0.0.12)
      colorize
      nokogiri
      pathological (~> 0.2.4)
      trollop
    json (1.6.5)
    mario (0.0.6)
    mime-types (1.17.2)
    minitest (2.11.0)
    multi_json (1.1.0)
    mysql (2.8.1)
    net-scp (1.0.4)
      net-ssh (>= 1.99.1)
    net-ssh (2.3.0)
    nokogiri (1.5.0)
    open4 (1.3.0)
    pathological (0.2.4)
    rack (1.4.1)
    rack-protection (1.2.0)
      rack
    rack-test (0.6.1)
      rack (>= 1.0)
    rake (0.8.7)
    rake-remote_task (2.0.6)
      open4 (~> 1.0)
      rake (~> 0.8)
    redis (2.2.2)
    redis-namespace (1.0.3)
      redis (< 3.0.0)
    redis-objects (0.5.2)
      redis (>= 2.1.1)
    remote_http_testing (0.1.2)
      json
      nokogiri
    rerun (0.6.5)
    resque (1.20.0)
      multi_json (~> 1.0)
      redis-namespace (~> 1.0.2)
      sinatra (>= 0.9.2)
      vegas (~> 0.1.2)
    rest-client (1.6.7)
      mime-types (>= 1.16)
    sass (3.1.12)
    scope (0.2.3)
      minitest
    sequel (3.28.0)
    simple_memoize (1.1.2)
    sinatra (1.3.2)
      rack (~> 1.3, >= 1.3.6)
      rack-protection (~> 1.2)
      tilt (~> 1.3, >= 1.3.3)
    sinatra-contrib (1.3.1)
      backports (>= 2.0)
      eventmachine
      rack-protection
      rack-test
      sinatra (~> 1.3.0)
      tilt (~> 1.3)
    state_machine (1.1.2)
    term-ansicolor (1.0.7)
    thin (1.3.1)
      daemons (>= 1.0.9)
      eventmachine (>= 0.12.6)
      rack (>= 1.0.0)
    thor (0.14.6)
    tilt (1.3.3)
    trollop (1.16.2)
    vagrant (0.5.4)
      archive-tar-minitar (= 0.5.2)
      erubis (>= 2.6.6)
      json (>= 1.4.3)
      mario (~> 0.0.6)
      net-scp (>= 1.0.2)
      net-ssh (>= 2.0.19)
      virtualbox (~> 0.7.3)
    vegas (0.1.11)
      rack (>= 1.0.0)
    virtualbox (0.7.9)
      ffi (~> 0.6.3)
    wirble (0.1.3)

PLATFORMS
  ruby

DEPENDENCIES
  bourbon
  clockwork
  fezzik
  foreman
  gamut
  mysql
  open4
  pathological
  rake
  redis
  redis-objects
  remote_http_testing
  rerun
  resque
  rest-client
  sass
  scope
  sequel
  simple_memoize
  sinatra
  sinatra-contrib
  state_machine
  thin
  vagrant
  wirble
