GEM
  remote: http://rubygems.org/
  specs:
    addressable (2.2.7)
    archive-tar-minitar (0.5.2)
    backports (2.3.0)
    backtrace_shortener (0.1.0)
    bourbon (1.2.0)
      sass (>= 3.1)
    childprocess (0.3.1)
      ffi (~> 1.0.6)
    clockwork (0.3.4)
    colorize (0.5.8)
    daemons (1.1.6)
    em-http-request (0.3.0)
      addressable (>= 2.0.0)
      escape_utils
      eventmachine (>= 0.12.9)
    erubis (2.7.0)
    escape_utils (0.2.4)
    eventmachine (0.12.10)
    fezzik (0.6.2)
      colorize (>= 0.5.8)
      rake (~> 0.8.7)
      rake-remote_task (~> 2.0.2)
    ffi (1.0.11)
    foreman (0.41.0)
      thor (>= 0.13.6)
    http_resque (0.0.4)
      json
      rake
      resque
      sinatra
      thin
      trollop
    i18n (0.6.0)
    json (1.5.4)
    log4r (1.1.10)
    mime-types (1.17.2)
    minitest (2.11.0)
    multi_json (1.1.0)
    mysql (2.8.1)
    net-scp (1.0.4)
      net-ssh (>= 1.99.1)
    net-ssh (2.2.2)
    nokogiri (1.5.0)
    open4 (1.3.0)
    pathological (0.2.4)
    rack (1.4.1)
    rack-protection (1.2.0)
      rack
    rack-test (0.6.1)
      rack (>= 1.0)
    rake (0.8.7)
    rake-remote_task (2.0.6)
      open4 (~> 1.0)
      rake (~> 0.8)
    redis (2.2.2)
    redis-namespace (1.0.3)
      redis (< 3.0.0)
    redis-objects (0.5.2)
      redis (>= 2.1.1)
    remote_http_testing (0.1.2)
      json
      nokogiri
    rerun (0.6.5)
    resque (1.20.0)
      multi_json (~> 1.0)
      redis-namespace (~> 1.0.2)
      sinatra (>= 0.9.2)
      vegas (~> 0.1.2)
    rest-client (1.6.7)
      mime-types (>= 1.16)
    rr (1.0.4)
    sass (3.1.12)
    scope (0.2.3)
      minitest
    sequel (3.28.0)
    simple_memoize (1.1.2)
    sinatra (1.3.2)
      rack (~> 1.3, >= 1.3.6)
      rack-protection (~> 1.2)
      tilt (~> 1.3, >= 1.3.3)
    sinatra-contrib (1.3.1)
      backports (>= 2.0)
      eventmachine
      rack-protection
      rack-test
      sinatra (~> 1.3.0)
      tilt (~> 1.3)
    state_machine (1.1.2)
    terraform (0.0.2)
    thin (1.3.1)
      daemons (>= 1.0.9)
      eventmachine (>= 0.12.6)
      rack (>= 1.0.0)
    thor (0.14.6)
    tilt (1.3.3)
    trollop (1.16.2)
    vagrant (1.0.1)
      archive-tar-minitar (= 0.5.2)
      childprocess (~> 0.3.1)
      erubis (~> 2.7.0)
      i18n (~> 0.6.0)
      json (~> 1.5.1)
      log4r (~> 1.1.9)
      net-scp (~> 1.0.4)
      net-ssh (~> 2.2.2)
    vegas (0.1.11)
      rack (>= 1.0.0)
    watchr (0.7)
    wirble (0.1.3)

PLATFORMS
  ruby

DEPENDENCIES
  backtrace_shortener
  bourbon
  clockwork
  em-http-request
  eventmachine
  fezzik
  foreman
  http_resque
  mysql
  open4
  pathological
  rake
  redis
  redis-objects
  remote_http_testing
  rerun
  resque
  rest-client
  rr
  sass
  scope
  sequel
  simple_memoize
  sinatra
  sinatra-contrib
  state_machine
  terraform
  thin
  vagrant (>= 1.0.1)
  watchr
  wirble
